GEM
  remote: http://rubygems.org/
  specs:
    RedCloth (4.2.7)
    bacon (1.1.0)
    builder (3.0.0)
    classifier (1.3.3)
      fast-stemmer (>= 1.0.0)
    cucumber (0.6.2)
      builder (>= 2.1.2)
      diff-lcs (>= 1.1.2)
      json_pure (>= 1.2.0)
      polyglot (>= 0.2.9)
      term-ansicolor (>= 1.0.4)
      treetop (>= 1.4.2)
    diff-lcs (1.1.2)
    directory_watcher (1.4.0)
    fast-stemmer (1.0.0)
    jekyll (0.5.7)
      RedCloth (>= 4.2.1)
      classifier (>= 1.3.1)
      directory_watcher (>= 1.1.1)
      liquid (>= 1.9.0)
      maruku (>= 0.5.9)
      open4 (>= 0.9.6)
    json_pure (1.5.1)
    liquid (2.2.2)
    maruku (0.6.0)
      syntax (>= 1.0.0)
    open4 (1.0.1)
    polyglot (0.3.1)
    rack (1.0.1)
    syntax (1.0.0)
    term-ansicolor (1.0.5)
    treetop (1.4.9)
      polyglot (>= 0.3.1)

PLATFORMS
  ruby

DEPENDENCIES
  bacon (= 1.1.0)
  cucumber (= 0.6.2)
  jekyll (= 0.5.7)
  rack (= 1.0.1)
