GEM
  remote: http://rubygems.org/
  specs:
    RedCloth (4.2.9)
    albino (1.3.3)
      posix-spawn (>= 0.3.6)
    bacon (1.1.0)
    builder (3.0.0)
    classifier (1.3.3)
      fast-stemmer (>= 1.0.0)
    cucumber (0.6.2)
      builder (>= 2.1.2)
      diff-lcs (>= 1.1.2)
      json_pure (>= 1.2.0)
      polyglot (>= 0.2.9)
      term-ansicolor (>= 1.0.4)
      treetop (>= 1.4.2)
    diff-lcs (1.1.2)
    directory_watcher (1.4.1)
    fast-stemmer (1.0.1)
    jekyll (0.11.0)
      albino (>= 1.3.2)
      classifier (>= 1.3.1)
      directory_watcher (>= 1.1.1)
      kramdown (>= 0.13.2)
      liquid (>= 1.9.0)
      maruku (>= 0.5.9)
    json_pure (1.5.1)
    kramdown (0.13.6)
    liquid (2.3.0)
    maruku (0.6.0)
      syntax (>= 1.0.0)
    polyglot (0.3.1)
    posix-spawn (0.3.6)
    rack (1.4.1)
    syntax (1.0.0)
    term-ansicolor (1.0.5)
    treetop (1.4.9)
      polyglot (>= 0.3.1)

PLATFORMS
  ruby

DEPENDENCIES
  RedCloth
  bacon (= 1.1.0)
  cucumber (= 0.6.2)
  jekyll (= 0.11.0)
  rack (~> 1.4.1)
